GEM
  remote: https://rubygems.org/
  specs:
    coderay (1.1.2)
    concurrent-ruby (1.0.5)
    declarative (0.0.10)
    dotenv (2.2.1)
    method_source (0.8.2)
    pg (0.21.0)
    pipetree (0.1.1)
    pry (0.10.4)
      coderay (~> 1.1.0)
      method_source (~> 0.8.1)
      slop (~> 3.4)
    sequel (5.2.0)
    slop (3.6.0)
    thor (0.20.0)
    trailblazer-operation (0.0.13)
      declarative
      pipetree (>= 0.1.1, < 0.2.0)
      uber
    uber (0.1.0)

PLATFORMS
  ruby

DEPENDENCIES
  concurrent-ruby
  dotenv
  pg
  pry
  sequel
  thor
  trailblazer-operation

BUNDLED WITH
   1.16.0
